PATH
  remote: .
  specs:
    dm-tpcc (0.1.0)
      data_mapper
      dm-is-list
      dm-is-versioned
      dm-mysql-adapter
      dm-persevere-adapter
      dm-postgres-adapter
      dm-rest-adapter
      dm-sqlite-adapter
      dm-sweatshop
      haml
      rest-client
      sinatra

GEM
  remote: http://rubygems.org/
  specs:
    ParseTree (3.0.6)
      RubyInline (>= 3.7.0)
      sexp_processor (>= 3.0.0)
    RubyInline (3.8.6)
      ZenTest (~> 4.3)
    ZenTest (4.4.0)
    addressable (2.2.2)
    archive-tar-minitar (0.5.2)
    autotest (4.4.1)
    backports (1.18.2)
    builder (2.1.2)
    columnize (0.3.1)
    cucumber (0.9.3)
      builder (~> 2.1.2)
      diff-lcs (~> 1.1.2)
      gherkin (~> 2.2.9)
      json (~> 1.4.6)
      term-ansicolor (~> 1.0.5)
    data_mapper (1.0.2)
      dm-aggregates (= 1.0.2)
      dm-constraints (= 1.0.2)
      dm-core (= 1.0.2)
      dm-migrations (= 1.0.2)
      dm-serializer (= 1.0.2)
      dm-timestamps (= 1.0.2)
      dm-transactions (= 1.0.2)
      dm-types (= 1.0.2)
      dm-validations (= 1.0.2)
    data_objects (0.10.2)
      addressable (~> 2.1)
    diff-lcs (1.1.2)
    dm-adjust (1.0.2)
      dm-core (~> 1.0.2)
    dm-aggregates (1.0.2)
      dm-core (~> 1.0.2)
    dm-cli (1.0.2)
      dm-core (~> 1.0.2)
    dm-constraints (1.0.2)
      dm-core (~> 1.0.2)
      dm-migrations (~> 1.0.2)
    dm-core (1.0.2)
      addressable (~> 2.2)
      extlib (~> 0.9.15)
    dm-do-adapter (1.0.2)
      data_objects (~> 0.10.2)
      dm-core (~> 1.0.2)
    dm-is-list (1.0.2)
      dm-adjust (~> 1.0.2)
      dm-core (~> 1.0.2)
    dm-is-versioned (1.0.2)
      dm-core (~> 1.0.2)
    dm-migrations (1.0.2)
      dm-core (~> 1.0.2)
    dm-mysql-adapter (1.0.2)
      dm-do-adapter (~> 1.0.2)
      do_mysql (~> 0.10.2)
    dm-persevere-adapter (0.72.0)
      dm-aggregates (~> 1.0)
      dm-core (~> 1.0)
      dm-migrations
      dm-types (~> 1.0)
      dm-validations
    dm-postgres-adapter (1.0.2)
      dm-do-adapter (~> 1.0.2)
      do_postgres (~> 0.10.2)
    dm-rest-adapter (1.0.2)
      dm-core (~> 1.0.2)
      dm-serializer (~> 1.0.2)
    dm-serializer (1.0.2)
      dm-core (~> 1.0.2)
      fastercsv (~> 1.5.3)
      json_pure (~> 1.4)
    dm-sqlite-adapter (1.0.2)
      dm-do-adapter (~> 1.0.2)
      do_sqlite3 (~> 0.10.2)
    dm-sweatshop (1.0.2)
      dm-core (~> 1.0.2)
      randexp (~> 0.1.5)
    dm-timestamps (1.0.2)
      dm-core (~> 1.0.2)
    dm-transactions (1.0.2)
      dm-core (~> 1.0.2)
    dm-types (1.0.2)
      dm-core (~> 1.0.2)
      fastercsv (~> 1.5.3)
      json_pure (~> 1.4)
      stringex (~> 1.1.0)
      uuidtools (~> 2.1.1)
    dm-validations (1.0.2)
      dm-core (~> 1.0.2)
    do_mysql (0.10.2)
      data_objects (= 0.10.2)
    do_postgres (0.10.2)
      data_objects (= 0.10.2)
    do_sqlite3 (0.10.2)
      data_objects (= 0.10.2)
    extlib (0.9.15)
    factory_girl (1.3.2)
    fastercsv (1.5.3)
    gemcutter (0.6.1)
    gherkin (2.2.9)
      json (~> 1.4.6)
      term-ansicolor (~> 1.0.5)
    git (1.2.5)
    haml (3.0.23)
    jeweler (1.4.0)
      gemcutter (>= 0.1.0)
      git (>= 1.2.5)
      rubyforge (>= 2.0.0)
    json (1.4.6)
    json_pure (1.4.6)
    linecache (0.43)
    linecache19 (0.5.11)
      ruby_core_source (>= 0.1.4)
    mime-types (1.16)
    monkey-lib (0.5.4)
      backports
    rack (1.2.1)
    rack-debug (1.4.2)
      rack (>= 1.0)
      ruby-debug (>= 0.10)
    rack-debug19 (1.4.2)
      rack (>= 1.0)
      ruby-debug19 (>= 0.11.6)
    rack-test (0.5.6)
      rack (>= 1.0)
    racksh (0.9.8)
      rack (>= 1.0)
      rack-test (>= 0.5)
    rake (0.8.7)
    randexp (0.1.5)
      ParseTree
    rest-client (1.6.1)
      mime-types (>= 1.16)
    rspec (2.0.1)
      rspec-core (~> 2.0.1)
      rspec-expectations (~> 2.0.1)
      rspec-mocks (~> 2.0.1)
    rspec-core (2.0.1)
    rspec-expectations (2.0.1)
      diff-lcs (>= 1.1.2)
    rspec-mocks (2.0.1)
      rspec-core (~> 2.0.1)
      rspec-expectations (~> 2.0.1)
    ruby-debug (0.10.3)
      columnize (>= 0.1)
      ruby-debug-base (~> 0.10.3.0)
    ruby-debug-base (0.10.3)
      linecache (>= 0.3)
    ruby-debug-base19 (0.11.24)
      columnize (>= 0.3.1)
      linecache19 (>= 0.5.11)
      ruby_core_source (>= 0.1.4)
    ruby-debug19 (0.11.6)
      columnize (>= 0.3.1)
      linecache19 (>= 0.5.11)
      ruby-debug-base19 (>= 0.11.19)
    ruby_core_source (0.1.4)
      archive-tar-minitar (>= 0.5.2)
    rubyforge (2.0.4)
      json_pure (>= 1.1.7)
    sexp_processor (3.0.5)
    shotgun (0.8)
      rack (>= 1.0)
    sinatra (1.1.0)
      rack (~> 1.1)
      tilt (~> 1.1)
    sinatra-advanced-routes (0.5.1)
      monkey-lib (~> 0.5.0)
      sinatra (~> 1.0)
      sinatra-sugar (~> 0.5.0)
    sinatra-reloader (0.5.0)
      sinatra (~> 1.0)
      sinatra-advanced-routes (~> 0.5.0)
    sinatra-sugar (0.5.0)
      monkey-lib (~> 0.5.0)
      sinatra (~> 1.0)
    stringex (1.1.0)
    term-ansicolor (1.0.5)
    tilt (1.1)
    uuidtools (2.1.1)
    yard (0.6.1)
    yardstick (0.1.0)
      yard (~> 0.2)

PLATFORMS
  ruby

DEPENDENCIES
  autotest
  cucumber
  data_mapper
  dm-cli
  dm-is-list
  dm-is-versioned
  dm-mysql-adapter
  dm-persevere-adapter
  dm-postgres-adapter
  dm-rest-adapter
  dm-sqlite-adapter
  dm-sweatshop
  dm-tpcc!
  factory_girl
  haml
  jeweler
  rack-debug
  rack-debug19
  rack-test
  racksh
  rake
  rest-client
  rspec
  ruby-debug
  ruby-debug19
  shotgun
  sinatra
  sinatra-reloader
  yard
  yardstick
